GEM
  remote: https://rubygems.org/
  specs:
    CFPropertyList (2.0.17)
      libxml-ruby (>= 1.1.0)
      rake (>= 0.7.0)
    Platform (0.4.0)
    activesupport (3.2.17)
      i18n (~> 0.6, >= 0.6.4)
      multi_json (~> 1.0)
    ansi (1.3.0)
    builder (3.2.2)
    childprocess (0.5.2)
      ffi (~> 1.0, >= 1.0.11)
    diff-lcs (1.2.5)
    excon (0.32.1)
    ffi (1.9.3)
    fission (0.4.0)
      CFPropertyList (~> 2.0.17)
    fog (1.21.0)
      fog-brightbox
      fog-core (~> 1.21, >= 1.21.1)
      fog-json
      nokogiri (~> 1.5, >= 1.5.11)
    fog-brightbox (0.0.2)
      fog-core
      fog-json
    fog-core (1.21.1)
      builder
      excon (~> 0.32)
      formatador (~> 0.2.0)
      mime-types
      net-scp (~> 1.1)
      net-ssh (>= 2.1.3)
    fog-json (1.0.0)
      multi_json (~> 1.0)
    formatador (0.2.4)
    grit (2.5.0)
      diff-lcs (~> 1.1)
      mime-types (~> 1.15)
      posix-spawn (~> 0.3.6)
    highline (1.6.21)
    i18n (0.6.9)
    json (1.8.1)
    libxml-ruby (2.7.0)
    mime-types (1.25.1)
    mini_portile (0.5.3)
    multi_json (1.9.2)
    net-scp (1.2.0)
      net-ssh (>= 2.6.5)
    net-ssh (2.8.0)
    nokogiri (1.6.1)
      mini_portile (~> 0.5.0)
    open4 (1.3.3)
    os (0.9.6)
    popen4 (0.1.2)
      Platform (>= 0.4.0)
      open4 (>= 0.4.0)
    posix-spawn (0.3.8)
    progressbar (0.21.0)
    rake (10.2.2)
    rspec (2.14.1)
      rspec-core (~> 2.14.0)
      rspec-expectations (~> 2.14.0)
      rspec-mocks (~> 2.14.0)
    rspec-core (2.14.8)
    rspec-expectations (2.14.5)
      diff-lcs (>= 1.1.3, < 2.0)
    rspec-mocks (2.14.6)
    ruby-libvirt (0.4.0)
    ruby-vnc (1.0.1)
    thor (0.19.1)
    veewee (0.3.12)
      ansi (~> 1.3.0)
      childprocess
      fission (= 0.4.0)
      fog (~> 1.8)
      grit
      highline
      i18n
      json
      net-ssh (>= 2.2.0)
      os (~> 0.9.6)
      popen4 (~> 0.1.2)
      progressbar
      ruby-vnc (~> 1.0.0)
      thor (~> 0.15)

PLATFORMS
  ruby

DEPENDENCIES
  activesupport (~> 3.2.13)
  rspec (~> 2.14)
  ruby-libvirt (~> 0.4.0)
  veewee (~> 0.3.12)
